GEM
  remote: https://rubygems.org/
  specs:
    actioncable (5.0.7)
      actionpack (= 5.0.7)
      nio4r (>= 1.2, < 3.0)
      websocket-driver (~> 0.6.1)
    actionmailer (5.0.7)
      actionpack (= 5.0.7)
      actionview (= 5.0.7)
      activejob (= 5.0.7)
      mail (~> 2.5, >= 2.5.4)
      rails-dom-testing (~> 2.0)
    actionpack (5.0.7)
      actionview (= 5.0.7)
      activesupport (= 5.0.7)
      rack (~> 2.0)
      rack-test (~> 0.6.3)
      rails-dom-testing (~> 2.0)
      rails-html-sanitizer (~> 1.0, >= 1.0.2)
    actionview (5.0.7)
      activesupport (= 5.0.7)
      builder (~> 3.1)
      erubis (~> 2.7.0)
      rails-dom-testing (~> 2.0)
      rails-html-sanitizer (~> 1.0, >= 1.0.3)
    active_admin_import (4.0.0)
      activeadmin (>= 1.0.0.pre2)
      activerecord-import (~> 0.17.0)
      rchardet (~> 1.6)
      rubyzip (~> 1.2)
    active_material (1.4.2)
    activeadmin (1.3.1)
      arbre (>= 1.1.1)
      coffee-rails
      formtastic (~> 3.1)
      formtastic_i18n
      inherited_resources (>= 1.9.0)
      jquery-rails (>= 4.2.0)
      kaminari (>= 0.15)
      railties (>= 4.2, < 5.3)
      ransack (>= 1.8.7)
      sass (~> 3.1)
      sprockets (< 4.1)
    activeadmin_addons (1.6.0)
      active_material
      railties
      require_all (~> 1.5)
      sass-rails
      select2-rails (~> 4.0)
      xdan-datetimepicker-rails (~> 2.5.1)
    activejob (5.0.7)
      activesupport (= 5.0.7)
      globalid (>= 0.3.6)
    activemodel (5.0.7)
      activesupport (= 5.0.7)
    activerecord (5.0.7)
      activemodel (= 5.0.7)
      activesupport (= 5.0.7)
      arel (~> 7.0)
    activerecord-import (0.17.2)
      activerecord (>= 3.2)
    activesupport (5.0.7)
      concurrent-ruby (~> 1.0, >= 1.0.2)
      i18n (>= 0.7, < 2)
      minitest (~> 5.1)
      tzinfo (~> 1.1)
    addressable (2.5.2)
      public_suffix (>= 2.0.2, < 4.0)
    akami (1.3.1)
      gyoku (>= 0.4.0)
      nokogiri
    ansi (1.5.0)
    arbre (1.1.1)
      activesupport (>= 3.0.0)
    arel (7.1.4)
    ast (2.4.0)
    autoprefixer-rails (9.3.1)
      execjs
    awesome_print (1.8.0)
    bcrypt (3.1.12)
    bindex (0.5.0)
    bootstrap-sass (3.3.7)
      autoprefixer-rails (>= 5.2.1)
      sass (>= 3.3.4)
    builder (3.2.3)
    byebug (10.0.2)
    cancancan (2.3.0)
    capybara (2.18.0)
      addressable
      mini_mime (>= 0.1.3)
      nokogiri (>= 1.3.3)
      rack (>= 1.0.0)
      rack-test (>= 0.5.4)
      xpath (>= 2.0, < 4.0)
    capybara-screenshot (1.0.22)
      capybara (>= 1.0, < 4)
      launchy
    climate_control (0.2.0)
    cliver (0.3.2)
    coderay (1.1.2)
    coffee-rails (4.2.2)
      coffee-script (>= 2.2.0)
      railties (>= 4.0.0)
    coffee-script (2.4.1)
      coffee-script-source
      execjs
    coffee-script-source (1.12.2)
    combine_pdf (1.0.15)
      ruby-rc4 (>= 0.1.5)
    concurrent-ruby (1.0.5)
    crack (0.4.3)
      safe_yaml (~> 1.0.0)
    crass (1.0.4)
    deep_merge (1.2.1)
    devise (4.5.0)
      bcrypt (~> 3.0)
      orm_adapter (~> 0.1)
      railties (>= 4.1.0, < 6.0)
      responders
      warden (~> 1.2.3)
    diff-lcs (1.3)
    erubis (2.7.0)
    execjs (2.7.0)
    faraday (0.15.3)
      multipart-post (>= 1.2, < 3)
    ffi (1.9.25)
    formatador (0.2.5)
    formtastic (3.1.5)
      actionpack (>= 3.2.13)
    formtastic_i18n (0.6.0)
    globalid (0.4.1)
      activesupport (>= 4.2.0)
    guard (2.14.2)
      formatador (>= 0.2.4)
      listen (>= 2.7, < 4.0)
      lumberjack (>= 1.0.12, < 2.0)
      nenv (~> 0.1)
      notiffany (~> 0.0)
      pry (>= 0.9.12)
      shellany (~> 0.0)
      thor (>= 0.18.1)
    guard-compat (1.2.1)
    guard-rspec (4.7.3)
      guard (~> 2.1)
      guard-compat (~> 1.1)
      rspec (>= 2.99.0, < 4.0)
    gyoku (1.3.1)
      builder (>= 2.1.2)
    haml (4.0.7)
      tilt
    haml_lint (0.28.0)
      haml (>= 4.0, < 5.1)
      rainbow
      rake (>= 10, < 13)
      rubocop (>= 0.50.0)
      sysexits (~> 1.1)
    has_scope (0.7.2)
      actionpack (>= 4.1)
      activesupport (>= 4.1)
    hashdiff (0.3.7)
    hashie (3.3.2)
    httpi (2.4.4)
      rack
      socksify
    i18n (1.3.0)
      concurrent-ruby (~> 1.0)
    inherited_resources (1.9.0)
      actionpack (>= 4.2, < 5.3)
      has_scope (~> 0.6)
      railties (>= 4.2, < 5.3)
      responders
    jbuilder (2.8.0)
      activesupport (>= 4.2.0)
      multi_json (>= 1.2)
    jquery-rails (4.3.3)
      rails-dom-testing (>= 1, < 3)
      railties (>= 4.2.0)
      thor (>= 0.14, < 2.0)
    json-schema (2.8.1)
      addressable (>= 2.4)
    json_schema (0.15.0)
    kaminari (1.1.1)
      activesupport (>= 4.1.0)
      kaminari-actionview (= 1.1.1)
      kaminari-activerecord (= 1.1.1)
      kaminari-core (= 1.1.1)
    kaminari-actionview (1.1.1)
      actionview
      kaminari-core (= 1.1.1)
    kaminari-activerecord (1.1.1)
      activerecord
      kaminari-core (= 1.1.1)
    kaminari-core (1.1.1)
    launchy (2.4.3)
      addressable (~> 2.3)
    listen (3.0.8)
      rb-fsevent (~> 0.9, >= 0.9.4)
      rb-inotify (~> 0.9, >= 0.9.7)
    loofah (2.2.3)
      crass (~> 1.0.2)
      nokogiri (>= 1.5.9)
    lumberjack (1.0.13)
    mail (2.7.1)
      mini_mime (>= 0.1.1)
    method_source (0.9.2)
    mime-types (2.99.3)
    mimemagic (0.3.10)
      nokogiri (~> 1)
      rake
    mini_mime (1.0.1)
    mini_portile2 (2.4.0)
    minitest (5.11.3)
    minitest-capybara (0.9.0)
      capybara
      minitest (~> 5.0)
      rake
    minitest-metadata (0.6.0)
      minitest (>= 4.7, < 6.0)
    minitest-rails (3.0.0)
      minitest (~> 5.8)
      railties (~> 5.0)
    minitest-rails-capybara (3.0.1)
      capybara (~> 2.7)
      minitest-capybara (~> 0.8)
      minitest-metadata (~> 0.6)
      minitest-rails (~> 3.0)
    minitest-reporters (1.3.5)
      ansi
      builder
      minitest (>= 5.0)
      ruby-progressbar
    multi_json (1.13.1)
    multipart-post (2.0.0)
    nenv (0.3.0)
    nio4r (2.3.1)
    nokogiri (1.9.1)
      mini_portile2 (~> 2.4.0)
    nori (2.6.0)
    notiffany (0.1.1)
      nenv (~> 0.1)
      shellany (~> 0.0)
    oas_parser (0.2.0)
      addressable (~> 2.3)
      deep_merge (~> 1.2.1)
      guard-rspec (~> 4.7.3)
      json_schema (~> 0.15.0)
    orm_adapter (0.5.0)
    paperclip (6.0.0)
      activemodel (>= 4.2.0)
      activesupport (>= 4.2.0)
      mime-types
      mimemagic (~> 0.3.0)
      terrapin (~> 0.6.0)
    parallel (1.12.1)
    parser (2.5.3.0)
      ast (~> 2.4.0)
    pg (0.21.0)
    poltergeist (1.18.1)
      capybara (>= 2.1, < 4)
      cliver (~> 0.3.1)
      websocket-driver (>= 0.2.0)
    powerpack (0.1.2)
    pry (0.12.0)
      coderay (~> 1.1.0)
      method_source (~> 0.9.0)
    pry-byebug (3.6.0)
      byebug (~> 10.0)
      pry (~> 0.10)
    pry-doc (0.13.4)
      pry (~> 0.11)
      yard (~> 0.9.11)
    pry-rails (0.3.6)
      pry (>= 0.10.4)
    public_suffix (3.0.3)
    puma (4.3.8)
      nio4r (~> 2.0)
    rack (2.0.6)
    rack-test (0.6.3)
      rack (>= 1.0)
    rails (5.0.7)
      actioncable (= 5.0.7)
      actionmailer (= 5.0.7)
      actionpack (= 5.0.7)
      actionview (= 5.0.7)
      activejob (= 5.0.7)
      activemodel (= 5.0.7)
      activerecord (= 5.0.7)
      activesupport (= 5.0.7)
      bundler (>= 1.3.0)
      railties (= 5.0.7)
      sprockets-rails (>= 2.0.0)
    rails-controller-testing (1.0.2)
      actionpack (~> 5.x, >= 5.0.1)
      actionview (~> 5.x, >= 5.0.1)
      activesupport (~> 5.x)
    rails-dom-testing (2.0.3)
      activesupport (>= 4.2.0)
      nokogiri (>= 1.6)
    rails-html-sanitizer (1.0.4)
      loofah (~> 2.2, >= 2.2.2)
    railties (5.0.7)
      actionpack (= 5.0.7)
      activesupport (= 5.0.7)
      method_source
      rake (>= 0.8.7)
      thor (>= 0.18.1, < 2.0)
    rainbow (2.2.2)
      rake
    rake (12.3.2)
    ransack (2.1.0)
      actionpack (>= 5.0)
      activerecord (>= 5.0)
      activesupport (>= 5.0)
      i18n
    rb-fsevent (0.10.3)
    rb-inotify (0.10.0)
      ffi (~> 1.0)
    rchardet (1.8.0)
    redis (4.0.3)
    require_all (1.5.0)
    responders (2.4.0)
      actionpack (>= 4.2.0, < 5.3)
      railties (>= 4.2.0, < 5.3)
    rollbar (2.18.0)
      multi_json
    rspec (3.8.0)
      rspec-core (~> 3.8.0)
      rspec-expectations (~> 3.8.0)
      rspec-mocks (~> 3.8.0)
    rspec-core (3.8.0)
      rspec-support (~> 3.8.0)
    rspec-expectations (3.8.2)
      diff-lcs (>= 1.2.0, < 2.0)
      rspec-support (~> 3.8.0)
    rspec-mocks (3.8.0)
      diff-lcs (>= 1.2.0, < 2.0)
      rspec-support (~> 3.8.0)
    rspec-support (3.8.0)
    rubocop (0.50.0)
      parallel (~> 1.10)
      parser (>= 2.3.3.1, < 3.0)
      powerpack (~> 0.1)
      rainbow (>= 2.2.2, < 3.0)
      ruby-progressbar (~> 1.7)
      unicode-display_width (~> 1.0, >= 1.0.1)
    ruby-progressbar (1.10.0)
    ruby-rc4 (0.1.5)
    rubyzip (1.2.2)
    safe_yaml (1.0.4)
    sass (3.7.2)
      sass-listen (~> 4.0.0)
    sass-listen (4.0.0)
      rb-fsevent (~> 0.9, >= 0.9.4)
      rb-inotify (~> 0.9, >= 0.9.7)
    sass-rails (5.0.7)
      railties (>= 4.0.0, < 6)
      sass (~> 3.1)
      sprockets (>= 2.8, < 4.0)
      sprockets-rails (>= 2.0, < 4.0)
      tilt (>= 1.1, < 3)
    savon (2.12.0)
      akami (~> 1.2)
      builder (>= 2.1.2)
      gyoku (~> 1.2)
      httpi (~> 2.3)
      nokogiri (>= 1.8.1)
      nori (~> 2.4)
      wasabi (~> 3.4)
    select2-rails (4.0.3)
      thor (~> 0.14)
    shellany (0.0.1)
    socksify (1.7.1)
    spring (2.0.2)
      activesupport (>= 4.2)
    spring-watcher-listen (2.0.1)
      listen (>= 2.7, < 4.0)
      spring (>= 1.2, < 3.0)
    sprockets (3.7.2)
      concurrent-ruby (~> 1.0)
      rack (> 1, < 3)
    sprockets-rails (3.2.1)
      actionpack (>= 4.0)
      activesupport (>= 4.0)
      sprockets (>= 3.0.0)
    staccato (0.5.1)
    swagger-docs (0.2.9)
      activesupport (>= 3)
      rails (>= 3)
    swagger-parser (0.2.6)
      addressable (~> 2.3)
      hashie (~> 3.0, < 3.4.0)
      json-schema (~> 2.2)
      mime-types (~> 2.0)
    sysexits (1.2.0)
    terrapin (0.6.0)
      climate_control (>= 0.0.3, < 1.0)
    thor (0.20.3)
    thread_safe (0.3.6)
    tilt (2.0.9)
    turbolinks (5.2.0)
      turbolinks-source (~> 5.2)
    turbolinks-source (5.2.0)
    tzinfo (1.2.5)
      thread_safe (~> 0.1)
    uglifier (4.1.19)
      execjs (>= 0.3.0, < 3)
    unicode-display_width (1.4.0)
    vcr (4.0.0)
    virtual_keyboard (0.1.0)
    warden (1.2.7)
      rack (>= 1.0)
    wasabi (3.5.0)
      httpi (~> 2.0)
      nokogiri (>= 1.4.2)
    web-console (3.7.0)
      actionview (>= 5.0)
      activemodel (>= 5.0)
      bindex (>= 0.4.0)
      railties (>= 5.0)
    webmock (3.4.2)
      addressable (>= 2.3.6)
      crack (>= 0.3.2)
      hashdiff
    websocket-driver (0.6.5)
      websocket-extensions (>= 0.1.0)
    websocket-extensions (0.1.3)
    xdan-datetimepicker-rails (2.5.4)
      jquery-rails
      rails (>= 3.2.16)
    xpath (3.2.0)
      nokogiri (~> 1.8)
    yard (0.9.16)

PLATFORMS
  ruby

DEPENDENCIES
  active_admin_import (~> 4.0.0)
  activeadmin (~> 1.3.1)
  activeadmin_addons
  activesupport
  awesome_print
  bootstrap-sass (~> 3.3, >= 3.3.7)
  byebug
  cancancan
  capybara-screenshot
  coffee-rails (~> 4.2)
  combine_pdf (~> 1.0.9)
  concurrent-ruby (~> 1.0.2)
  devise (~> 4.2)
  faraday
  haml (~> 4.0, >= 4.0.7)
  haml_lint
  inherited_resources (~> 1.9.0)
  jbuilder (~> 2.5)
  jquery-rails
  json-schema (~> 2.8.1)
  listen (~> 3.0.5)
  minitest-rails-capybara (~> 3.0.0)
  minitest-reporters
  oas_parser
  paperclip (~> 6.0.0)
  pg (~> 0.18)
  poltergeist
  pry
  pry-byebug
  pry-doc
  pry-rails
  puma (~> 4.3)
  rails (~> 5.0.0, >= 5.0.0.1)
  rails-controller-testing
  ransack (= 2.1.0)
  redis (~> 4.0.0.rc1)
  rollbar
  rubocop (~> 0.50.0)
  sass-rails (~> 5.0)
  savon (~> 2.11, >= 2.11.1)
  spring
  spring-watcher-listen (~> 2.0.0)
  staccato
  swagger-docs (~> 0.2.9)
  swagger-parser
  turbolinks (~> 5)
  tzinfo-data
  uglifier (>= 1.3.0)
  vcr
  virtual_keyboard (~> 0.1.0)
  web-console
  webmock

BUNDLED WITH
   1.14.6
