GEM
  remote: http://rubygems.org/
  specs:
    chrome_remote (0.1.0)
      websocket-driver (~> 0.6)
    eventmachine (1.2.5)
    json (2.1.0)
    mail (2.7.0)
      mini_mime (>= 0.1.1)
    mini_mime (1.0.0)
    webrick (1.3.1)
    websocket-driver (0.7.0)
      websocket-extensions (>= 0.1.0)
    websocket-extensions (0.1.5)

PLATFORMS
  ruby

DEPENDENCIES
  chrome_remote
  eventmachine
  json
  mail
  webrick

BUNDLED WITH
   1.14.6
